GEM
  remote: https://rubygems.org/
  specs:
    diff-lcs (1.5.0)
    nokogiri (1.13.8-x86_64-linux)
      racc (~> 1.4)
    racc (1.6.0)
    rack (2.0.9.1)
    rspec (3.11.0)
      rspec-core (~> 3.11.0)
      rspec-expectations (~> 3.11.0)
      rspec-mocks (~> 3.11.0)
    rspec-core (3.11.0)
      rspec-support (~> 3.11.0)
    rspec-expectations (3.11.0)
      diff-lcs (>= 1.2.0, < 2.0)
      rspec-support (~> 3.11.0)
    rspec-mocks (3.11.1)
      diff-lcs (>= 1.2.0, < 2.0)
      rspec-support (~> 3.11.0)
    rspec-support (3.11.0)

PLATFORMS
  x86_64-linux

DEPENDENCIES
  nokogiri
  rack (~> 2.0.1)
  rspec

BUNDLED WITH
   2.3.19
